GEM
  remote: http://rubygems.org/
  specs:
    chunky_png (1.2.6)
    compass (0.12.2)
      chunky_png (~> 1.2)
      fssm (>= 0.2.7)
      sass (~> 3.1)
    compass-less-plugin (1.0)
      compass (>= 0.10)
    ffi (1.1.5)
    foreman (0.57.0)
      thor (>= 0.13.6)
    fssm (0.2.9)
    rb-inotify (0.8.8)
      ffi (>= 0.5.0)
    sass (3.2.1)
    thor (0.16.0)

PLATFORMS
  ruby

DEPENDENCIES
  compass-less-plugin
  foreman
  rb-inotify
