GEM
  remote: https://rubygems.org/
  specs:
    chunky_png (1.2.9)
    compass (0.12.2)
      chunky_png (~> 1.2)
      fssm (>= 0.2.7)
      sass (~> 3.1)
    compass-less-plugin (1.0)
      compass (>= 0.10)
    dotenv (0.9.0)
    ffi (1.9.3)
    foreman (0.63.0)
      dotenv (>= 0.7)
      thor (>= 0.13.6)
    fssm (0.2.10)
    rb-inotify (0.9.2)
      ffi (>= 0.5.0)
    sass (3.2.12)
    thor (0.18.1)

PLATFORMS
  ruby

DEPENDENCIES
  compass-less-plugin
  foreman
  rb-inotify
